GEM
  remote: http://rubygems.org/
  specs:
    builder (3.1.4)
    cucumber (1.2.1)
      builder (>= 2.1.2)
      diff-lcs (>= 1.1.3)
      gherkin (~> 2.11.0)
      json (>= 1.4.6)
    diff-lcs (1.2.0)
    dotenv (0.5.0)
    eventbrite-client (0.1.4)
      httparty (~> 0.8.0)
      tzinfo (~> 0.3.22)
    gherkin (2.11.6)
      json (>= 1.7.6)
    httparty (0.8.3)
      multi_json (~> 1.0)
      multi_xml
    json (1.7.6)
    multi_json (1.5.0)
    multi_xml (0.5.2)
    rake (10.0.3)
    tzinfo (0.3.35)

PLATFORMS
  ruby

DEPENDENCIES
  cucumber
  dotenv
  eventbrite-client
  rake
