GEM
  remote: http://rubygems.org/
  specs:
    activesupport (3.2.11)
      i18n (~> 0.6)
      multi_json (~> 1.0)
    addressable (2.3.2)
    builder (3.1.4)
    childprocess (0.3.7)
      ffi (~> 1.0, >= 1.0.6)
    coderay (1.0.8)
    crack (0.3.2)
    cucumber (1.2.1)
      builder (>= 2.1.2)
      diff-lcs (>= 1.1.3)
      gherkin (~> 2.11.0)
      json (>= 1.4.6)
    diff-lcs (1.2.0)
    dotenv (0.5.0)
    eventbrite-client (0.1.4)
      httparty (~> 0.8.0)
      tzinfo (~> 0.3.22)
    ffi (1.3.1)
    gherkin (2.11.6)
      json (>= 1.7.6)
    guard (1.6.2)
      listen (>= 0.6.0)
      lumberjack (>= 1.0.2)
      pry (>= 0.9.10)
      terminal-table (>= 1.4.3)
      thor (>= 0.14.6)
    guard-cucumber (1.3.2)
      cucumber (>= 1.2.0)
      guard (>= 1.1.0)
    guard-spork (1.4.2)
      childprocess (>= 0.2.3)
      guard (>= 1.1)
      spork (>= 0.8.4)
    httparty (0.8.3)
      multi_json (~> 1.0)
      multi_xml
    i18n (0.6.1)
    json (1.7.6)
    listen (0.7.2)
    lumberjack (1.0.2)
    method_source (0.8.1)
    multi_json (1.5.0)
    multi_xml (0.5.2)
    nokogiri (1.5.6)
    oauth (0.4.5)
    pry (0.9.11.4)
      coderay (~> 1.0.5)
      method_source (~> 0.8)
      slop (~> 3.4)
    rack (1.5.1)
    rack-protection (1.3.2)
      rack
    rake (10.0.3)
    rb-fsevent (0.9.3)
    redis (3.0.2)
    redis-namespace (1.2.1)
      redis (~> 3.0.0)
    resque (1.23.0)
      multi_json (~> 1.0)
      redis-namespace (~> 1.0)
      sinatra (>= 0.9.2)
      vegas (~> 0.1.2)
    rspec (2.0.1)
      rspec-core (~> 2.0.1)
      rspec-expectations (~> 2.0.1)
      rspec-mocks (~> 2.0.1)
    rspec-core (2.0.1)
    rspec-expectations (2.0.1)
      diff-lcs (>= 1.1.2)
    rspec-mocks (2.0.1)
      rspec-core (~> 2.0.1)
      rspec-expectations (~> 2.0.1)
    simplecov (0.7.1)
      multi_json (~> 1.0)
      simplecov-html (~> 0.7.1)
    simplecov-html (0.7.1)
    simplecov-rcov (0.2.3)
      simplecov (>= 0.4.1)
    sinatra (1.3.4)
      rack (~> 1.4)
      rack-protection (~> 1.3)
      tilt (~> 1.3, >= 1.3.3)
    slop (3.4.3)
    spork (0.9.2)
    terminal-table (1.4.5)
    thor (0.17.0)
    tilt (1.3.3)
    tzinfo (0.3.35)
    vcr (2.4.0)
    vegas (0.1.11)
      rack (>= 1.0.0)
    webmock (1.9.0)
      addressable (>= 2.2.7)
      crack (>= 0.1.7)
    xeroizer (2.15.3)
      activesupport
      activesupport
      builder (>= 2.1.2)
      builder (>= 2.1.2)
      i18n
      nokogiri
      nokogiri
      oauth (= 0.4.5)
      oauth (>= 0.3.6)

PLATFORMS
  ruby

DEPENDENCIES
  cucumber
  dotenv
  eventbrite-client
  guard-cucumber
  guard-spork
  rake
  rb-fsevent (~> 0.9.1)
  resque
  rspec
  simplecov
  simplecov-rcov
  vcr
  webmock
  xeroizer
