GEM
  remote: http://rubygems.org/
  specs:
    builder (3.1.4)
    cucumber (1.2.1)
      builder (>= 2.1.2)
      diff-lcs (>= 1.1.3)
      gherkin (~> 2.11.0)
      json (>= 1.4.6)
    diff-lcs (1.2.0)
    dotenv (0.5.0)
    gherkin (2.11.6)
      json (>= 1.7.6)
    json (1.7.6)
    rake (10.0.3)

PLATFORMS
  ruby

DEPENDENCIES
  cucumber
  dotenv
  rake
